GEM
  remote: https://rubygems.org/
  specs:
    comma-api-rb (0.3.2)
    nio4r (2.5.2)
    puma (4.3.3)
      nio4r (~> 2.0)
    rack (2.0.7)
    rake (12.3.3)
    roda (3.24.0)
      rack

PLATFORMS
  ruby

DEPENDENCIES
  comma-api-rb
  puma
  rake
  roda

BUNDLED WITH
   2.0.2
