GEM
  remote: https://rubygems.org/
  specs:
    comma-api-rb (0.3.2)
    nio4r (2.5.8)
    puma (4.3.9)
      nio4r (~> 2.0)
    rack (2.2.2)
    rake (13.0.1)
    roda (3.32.0)
      rack

PLATFORMS
  ruby

DEPENDENCIES
  comma-api-rb
  puma
  rake
  roda

BUNDLED WITH
   2.1.4
